STORAGE: NONE
RESTRICTION: || (== netcoreapp3.1) (== netstandard2.0) (== netstandard2.1)
NUGET
  remote: https://nuget.pkg.github.com/kirillgarbar/index.json
    Arithm (1.0.2)
